PATH
  remote: .
  specs:
    brine-dsl (0.13.0.pre.SNAPSHOT)
      cucumber (~> 4.0.0.rc.5)
      faraday (~> 0.12)
      faraday_middleware (~> 0.12)
      jsonpath (~> 0.8)
      mustache (~> 1.0)
      oauth2 (~> 1.4)
      rspec (~> 3.7)

GEM
  remote: http://rubygems.org/
  specs:
    activesupport (5.2.4.2)
      concurrent-ruby (~> 1.0, >= 1.0.2)
      i18n (>= 0.7, < 2)
      minitest (~> 5.1)
      tzinfo (~> 1.1)
    builder (3.2.4)
    concurrent-ruby (1.1.6)
    cucumber (4.0.0.rc.5)
      builder (~> 3.2, >= 3.2.3)
      cucumber-core (~> 6.0, >= 6.0.0)
      cucumber-expressions (~> 8.0, >= 8.0.2)
      cucumber-gherkin (~> 10.0, >= 10.0.0)
      cucumber-html-formatter (~> 4.3, >= 4.3.0)
      cucumber-wire (~> 2.0, >= 2.0.0)
      diff-lcs (~> 1.3, >= 1.3)
      multi_test (~> 0.1, >= 0.1.2)
    cucumber-core (6.0.0)
      cucumber-gherkin (~> 10.0, >= 10.0.0)
      cucumber-messages (~> 10.0, >= 10.0.1)
      cucumber-tag_expressions (~> 2.0, >= 2.0.2)
    cucumber-expressions (8.3.0)
    cucumber-gherkin (10.0.0)
      cucumber-messages (~> 10.0, >= 10.0.1)
    cucumber-html-formatter (4.3.0)
      cucumber-messages (~> 10.0, >= 10.0.3)
    cucumber-messages (10.0.3)
      protobuf-cucumber (~> 3.10, >= 3.10.8)
    cucumber-tag_expressions (2.0.2)
    cucumber-wire (2.0.1)
      cucumber-core (~> 6.0, >= 6.0.0)
      cucumber-expressions (~> 8.0, >= 8.0.2)
    diff-lcs (1.3)
    faraday (0.17.3)
      multipart-post (>= 1.2, < 3)
    faraday_middleware (0.14.0)
      faraday (>= 0.7.4, < 1.0)
    i18n (1.8.2)
      concurrent-ruby (~> 1.0)
    jsonpath (0.9.9)
      multi_json
      to_regexp (~> 0.2.1)
    jwt (2.2.1)
    middleware (0.1.0)
    minitest (5.14.0)
    multi_json (1.14.1)
    multi_test (0.1.2)
    multi_xml (0.6.0)
    multipart-post (2.1.1)
    mustache (1.1.1)
    oauth2 (1.4.4)
      faraday (>= 0.8, < 2.0)
      jwt (>= 1.0, < 3.0)
      multi_json (~> 1.3)
      multi_xml (~> 0.5)
      rack (>= 1.2, < 3)
    protobuf-cucumber (3.10.8)
      activesupport (>= 3.2)
      middleware
      thor
      thread_safe
    rack (2.2.2)
    rspec (3.9.0)
      rspec-core (~> 3.9.0)
      rspec-expectations (~> 3.9.0)
      rspec-mocks (~> 3.9.0)
    rspec-core (3.9.1)
      rspec-support (~> 3.9.1)
    rspec-expectations (3.9.1)
      diff-lcs (>= 1.2.0, < 2.0)
      rspec-support (~> 3.9.0)
    rspec-mocks (3.9.1)
      diff-lcs (>= 1.2.0, < 2.0)
      rspec-support (~> 3.9.0)
    rspec-support (3.9.2)
    thor (1.0.1)
    thread_safe (0.3.6)
    to_regexp (0.2.1)
    tzinfo (1.2.6)
      thread_safe (~> 0.1)

PLATFORMS
  ruby

DEPENDENCIES
  brine-dsl!

BUNDLED WITH
   2.0.2
